GEM
  remote: https://rubygems.org/
  specs:
    ast (2.4.1)
    docile (1.3.2)
    erb (2.2.0)
    json (2.5.1)
    minitest (5.14.2)
    mustermann (1.1.1)
      ruby2_keywords (~> 0.0.1)
    parallel (1.20.1)
    parser (2.7.2.0)
      ast (~> 2.4.1)
    pg (1.2.3)
    rack (2.2.3)
    rack-protection (2.1.0)
      rack
    rack-test (1.1.0)
      rack (>= 1.0, < 3)
    rainbow (3.0.0)
    rake (13.0.1)
    regexp_parser (2.0.0)
    rexml (3.2.4)
    rubocop (1.5.0)
      parallel (~> 1.10)
      parser (>= 2.7.1.5)
      rainbow (>= 2.2.2, < 4.0)
      regexp_parser (>= 2.0)
      rexml
      rubocop-ast (>= 1.2.0)
      ruby-progressbar (~> 1.7)
      unicode-display_width (>= 1.4.0, < 2.0)
    rubocop-ast (1.3.0)
      parser (>= 2.7.1.5)
    rubocop-minitest (0.10.1)
      rubocop (>= 0.87)
    rubocop-rake (0.5.1)
      rubocop
    rubocop-sequel (0.1.0)
      rubocop (~> 1.0)
    ruby-progressbar (1.10.1)
    ruby2_keywords (0.0.2)
    sequel (5.40.0)
    simplecov (0.20.0)
      docile (~> 1.1)
      simplecov-html (~> 0.11)
      simplecov_json_formatter (~> 0.1)
    simplecov-html (0.12.3)
    simplecov_json_formatter (0.1.2)
    sinatra (2.1.0)
      mustermann (~> 1.0)
      rack (~> 2.2)
      rack-protection (= 2.1.0)
      tilt (~> 2.0)
    sqlite3 (1.4.2)
    tilt (2.0.10)
    unicode-display_width (1.7.0)

PLATFORMS
  ruby

DEPENDENCIES
  erb
  json
  minitest
  pg
  rack-test
  rake
  rubocop
  rubocop-minitest
  rubocop-rake
  rubocop-sequel
  sequel
  simplecov
  sinatra
  sqlite3

BUNDLED WITH
   2.1.4
