GEM
  remote: https://rubygems.org/
  specs:
    activemodel (6.1.7.3)
      activesupport (= 6.1.7.3)
    activerecord (6.1.7.3)
      activemodel (= 6.1.7.3)
      activesupport (= 6.1.7.3)
    activesupport (6.1.7.3)
      concurrent-ruby (~> 1.0, >= 1.0.2)
      i18n (>= 1.6, < 2)
      minitest (>= 5.1)
      tzinfo (~> 2.0)
      zeitwerk (~> 2.3)
    addressable (2.8.4)
      public_suffix (>= 2.0.2, < 6.0)
    ast (2.4.2)
    bcp47 (0.3.3)
      i18n
    byebug (11.1.3)
    cgi (0.3.6)
    coderay (1.1.3)
    concurrent-ruby (1.2.2)
    date_time_precision (0.8.1)
    docile (1.4.0)
    erb (4.0.2)
      cgi (>= 0.3.3)
    fhir_models (4.2.2)
      bcp47 (>= 0.3)
      date_time_precision (>= 0.8)
      mime-types (>= 3.0)
      nokogiri (>= 1.11.4)
    i18n (1.12.0)
      concurrent-ruby (~> 1.0)
    json (2.6.3)
    method_source (1.0.0)
    mime-types (3.4.1)
      mime-types-data (~> 3.2015)
    mime-types-data (3.2023.0218.1)
    mini_portile2 (2.8.1)
    minitest (5.18.0)
    multi_json (1.15.0)
    mustermann (3.0.0)
      ruby2_keywords (~> 0.0.1)
    nio4r (2.5.9)
    nokogiri (1.14.3)
      mini_portile2 (~> 2.8.0)
      racc (~> 1.4)
    parallel (1.23.0)
    parser (3.2.2.0)
      ast (~> 2.4.1)
    pg (1.4.6)
    pry (0.14.2)
      coderay (~> 1.1)
      method_source (~> 1.0)
    pry-byebug (3.10.1)
      byebug (~> 11.0)
      pry (>= 0.13, < 0.15)
    public_suffix (5.0.1)
    puma (6.2.2)
      nio4r (~> 2.0)
    racc (1.6.2)
    rack (2.2.6.4)
    rack-protection (3.0.6)
      rack
    rack-test (2.1.0)
      rack (>= 1.3)
    rainbow (3.1.1)
    rake (13.0.6)
    regexp_parser (2.8.0)
    rexml (3.2.5)
    rubocop (1.50.2)
      json (~> 2.3)
      parallel (~> 1.10)
      parser (>= 3.2.0.0)
      rainbow (>= 2.2.2, < 4.0)
      regexp_parser (>= 1.8, < 3.0)
      rexml (>= 3.2.5, < 4.0)
      rubocop-ast (>= 1.28.0, < 2.0)
      ruby-progressbar (~> 1.7)
      unicode-display_width (>= 2.4.0, < 3.0)
    rubocop-ast (1.28.0)
      parser (>= 3.2.1.0)
    rubocop-minitest (0.30.0)
      rubocop (>= 1.39, < 2.0)
    rubocop-rake (0.6.0)
      rubocop (~> 1.0)
    rubocop-sequel (0.3.4)
      rubocop (~> 1.0)
    ruby-progressbar (1.13.0)
    ruby2_keywords (0.0.5)
    sequel (5.67.0)
    simplecov (0.22.0)
      docile (~> 1.1)
      simplecov-html (~> 0.11)
      simplecov_json_formatter (~> 0.1)
    simplecov-html (0.12.3)
    simplecov_json_formatter (0.1.4)
    sinatra (3.0.6)
      mustermann (~> 3.0)
      rack (~> 2.2, >= 2.2.4)
      rack-protection (= 3.0.6)
      tilt (~> 2.0)
    sinatra-contrib (3.0.6)
      multi_json
      mustermann (~> 3.0)
      rack-protection (= 3.0.6)
      sinatra (= 3.0.6)
      tilt (~> 2.0)
    sinatra-cross_origin (0.4.0)
    tilt (2.1.0)
    tzinfo (2.0.6)
      concurrent-ruby (~> 1.0)
    unicode-display_width (2.4.2)
    warning (1.3.0)
    zeitwerk (2.6.7)

PLATFORMS
  ruby

DEPENDENCIES
  activerecord (~> 6.1.7, < 7.0)
  activesupport (~> 6.1.7, < 7.0)
  addressable
  erb
  fhir_models
  json
  minitest
  pg
  pry
  pry-byebug
  puma
  rack-test
  rake
  rubocop
  rubocop-minitest
  rubocop-rake
  rubocop-sequel
  sequel
  simplecov
  sinatra
  sinatra-contrib
  sinatra-cross_origin
  warning

BUNDLED WITH
   2.2.32
